GIT
  remote: git://github.com/achernya/ruhoh.rb.git
  revision: 09dd5407f7311913e71a4bcb62defc761863d1d9
  specs:
    ruhoh (2.6)
      directory_watcher (~> 1.4.0)
      mustache (~> 0.99)
      nokogiri (~> 1.5)
      rack (~> 1.4)
      redcarpet (>= 3)

GIT
  remote: git://github.com/vmg/redcarpet.git
  revision: 84d610317182be56e1f4bc74992c6cd1ff1fa1d7
  specs:
    redcarpet (3.0.0)

GEM
  remote: https://rubygems.org/
  specs:
    directory_watcher (1.4.1)
    mini_portile (0.5.2)
    mustache (0.99.5)
    nokogiri (1.6.1)
      mini_portile (~> 0.5.0)
    rack (1.5.2)

PLATFORMS
  ruby

DEPENDENCIES
  redcarpet!
  ruhoh!
